GEM
  remote: http://rubygems.org/
  specs:
    bson (1.6.2)
    bson_ext (1.6.2)
      bson (~> 1.6.2)
    mongo (1.6.2)
      bson (~> 1.6.2)

PLATFORMS
  ruby

DEPENDENCIES
  bson_ext
  mongo (~> 1.6.2)
