GEM
  remote: http://rubygems.org/
  specs:
    bson (1.6.2)
    bson_ext (1.6.2)
      bson (~> 1.6.2)
    coderay (1.0.6)
    daemons (1.1.8)
    diff-lcs (1.1.3)
    eventmachine (0.12.10)
    method_source (0.7.1)
    mongo (1.6.2)
      bson (~> 1.6.2)
    pry (0.9.9)
      coderay (~> 1.0.5)
      method_source (~> 0.7.1)
      slop (>= 2.4.4, < 3)
    pry-doc (0.4.1)
      pry (>= 0.9.0)
      yard (~> 0.7.4)
    rack (1.4.1)
    rack-protection (1.2.0)
      rack
    rack-test (0.6.1)
      rack (>= 1.0)
    rspec (2.8.0)
      rspec-core (~> 2.8.0)
      rspec-expectations (~> 2.8.0)
      rspec-mocks (~> 2.8.0)
    rspec-core (2.8.0)
    rspec-expectations (2.8.0)
      diff-lcs (~> 1.1.2)
    rspec-mocks (2.8.0)
    sinatra (1.3.2)
      rack (~> 1.3, >= 1.3.6)
      rack-protection (~> 1.2)
      tilt (~> 1.3, >= 1.3.3)
    slop (2.4.4)
    thin (1.3.1)
      daemons (>= 1.0.9)
      eventmachine (>= 0.12.6)
      rack (>= 1.0.0)
    tilt (1.3.3)
    yard (0.7.5)

PLATFORMS
  ruby

DEPENDENCIES
  bson_ext (~> 1.6.2)
  mongo (~> 1.6.2)
  pry (~> 0.9.9)
  pry-doc (~> 0.4.1)
  rack-test (~> 0.6.1)
  rspec (~> 2.8.0)
  sinatra (~> 1.3.2)
  thin (~> 1.3.1)
